PATH
  remote: .
  specs:
    torquebox-backstage (1.1.0)
      bundler (~> 1.0)
      haml (~> 3.0)
      jmx (= 0.9)
      json (= 1.8.1)
      rack-accept (~> 0.4.4)
      sass (~> 3.1.2)
      sinatra (= 1.4.4)
      thor (= 0.14.6)
      torquebox-webconsole (= 0.2.0)

GEM
  remote: https://rubygems.org/
  specs:
    blankslate (2.1.2.4)
    bond (0.4.3-java)
    edn (1.0.0)
      parslet (~> 1.4.0)
    haml (3.1.8)
    jmx (0.9)
    json (1.8.1-java)
    multi_json (1.10.1)
    parslet (1.4.0)
      blankslate (~> 2.0)
    rack (1.5.2)
    rack-accept (0.4.5)
      rack (>= 0.4)
    rack-protection (1.5.3)
      rack
    rake (10.1.1)
    ripl (0.5.1)
      bond (~> 0.4.0)
    ripl-multi_line (0.3.1)
      ripl (>= 0.3.6)
    sass (3.1.21)
    sinatra (1.4.4)
      rack (~> 1.4)
      rack-protection (~> 1.4)
      tilt (~> 1.3, >= 1.3.4)
    thor (0.14.6)
    tilt (1.4.1)
    tobias-rack-webconsole (0.1.5)
      multi_json (~> 1.0)
      rack
      ripl (~> 0.5.1)
      ripl-multi_line (~> 0.3.0)
    torquebox (3.1.1)
      thor (>= 0.14.6)
      torquebox-cache (= 3.1.1)
      torquebox-configure (= 3.1.1)
      torquebox-core (= 3.1.1)
      torquebox-messaging (= 3.1.1)
      torquebox-naming (= 3.1.1)
      torquebox-rake-support (= 3.1.1)
      torquebox-security (= 3.1.1)
      torquebox-stomp (= 3.1.1)
      torquebox-transactions (= 3.1.1)
      torquebox-web (= 3.1.1)
    torquebox-cache (3.1.1-java)
      torquebox-core (= 3.1.1)
      torquebox-transactions (= 3.1.1)
    torquebox-configure (3.1.1-java)
      blankslate (= 2.1.2.4)
    torquebox-core (3.1.1-java)
      edn (= 1.0.0)
    torquebox-messaging (3.1.1-java)
      torquebox-core (= 3.1.1)
      torquebox-transactions (= 3.1.1)
    torquebox-naming (3.1.1-java)
      torquebox-core (= 3.1.1)
    torquebox-rake-support (3.1.1)
      rake (= 10.1.1)
    torquebox-security (3.1.1-java)
      torquebox-core (= 3.1.1)
    torquebox-stomp (3.1.1)
      torquebox-core (= 3.1.1)
      torquebox-messaging (= 3.1.1)
    torquebox-transactions (3.1.1)
      torquebox-core (= 3.1.1)
    torquebox-web (3.1.1-java)
    torquebox-webconsole (0.2.0)
      tobias-rack-webconsole (= 0.1.5)

PLATFORMS
  java

DEPENDENCIES
  torquebox (>= 2.0)
  torquebox-backstage!
